GEM
  remote: http://rubygems.org/
  specs:
    builder (3.1.3)
    excon (0.16.2)
    fog (1.6.0)
      builder
      excon (~> 0.14)
      formatador (~> 0.2.0)
      mime-types
      multi_json (~> 1.0)
      net-scp (~> 1.0.4)
      net-ssh (>= 2.1.3)
      nokogiri (~> 1.5.0)
      ruby-hmac
    formatador (0.2.3)
    mime-types (1.18)
    multi_json (1.3.6)
    net-scp (1.0.4)
      net-ssh (>= 1.99.1)
    net-ssh (2.1.4)
    nokogiri (1.5.5)
    ruby-hmac (0.4.0)
    trollop (2.0)

PLATFORMS
  ruby

DEPENDENCIES
  fog
  trollop
